PATH
  remote: .
  specs:
    s3_assets (0.1.1)

GEM
  remote: https://rubygems.org/
  specs:
    rake (10.4.2)

PLATFORMS
  ruby

DEPENDENCIES
  bundler (~> 1.17)
  rake (~> 10.0)
  s3_assets!

BUNDLED WITH
   1.17.1
